GEM
  remote: https://rubygems.org/
  specs:
    addressable (2.7.0)
      public_suffix (>= 2.0.2, < 5.0)
    capybara (3.32.1)
      addressable
      mini_mime (>= 0.1.3)
      nokogiri (~> 1.8)
      rack (>= 1.6.0)
      rack-test (>= 0.6.3)
      regexp_parser (~> 1.5)
      xpath (~> 3.2)
    childprocess (3.0.0)
    diff-lcs (1.3)
    domain_name (0.5.20190701)
      unf (>= 0.0.5, < 1.0.0)
    ffi (1.12.2-x64-mingw32)
    http-accept (1.7.0)
    http-cookie (1.0.3)
      domain_name (~> 0.5)
    json (2.3.0)
    map (6.6.0)
    mime-types (3.3.1)
      mime-types-data (~> 3.2015)
    mime-types-data (3.2019.1009)
    mini_mime (1.0.2)
    mini_portile2 (2.4.0)
    netrc (0.11.0)
    nokogiri (1.10.9-x64-mingw32)
      mini_portile2 (~> 2.4.0)
    percy-capybara (4.0.2)
    public_suffix (4.0.4)
    rack (2.2.2)
    rack-test (1.1.0)
      rack (>= 1.0, < 3)
    rails_current (2.1.0)
      map (~> 6.0)
    rails_default_url_options (5.0.0)
    rails_helper (2.2.2)
      rails_current (>= 1.0)
      rails_default_url_options (>= 1.0)
    rake (13.0.1)
    regexp_parser (1.7.0)
    rest-client (2.1.0-x64-mingw32)
      ffi (~> 1.9)
      http-accept (>= 1.7.0, < 2.0)
      http-cookie (>= 1.0.2, < 2.0)
      mime-types (>= 1.16, < 4.0)
      netrc (~> 0.8)
    rspec (3.9.0)
      rspec-core (~> 3.9.0)
      rspec-expectations (~> 3.9.0)
      rspec-mocks (~> 3.9.0)
    rspec-core (3.9.1)
      rspec-support (~> 3.9.1)
    rspec-expectations (3.9.1)
      diff-lcs (>= 1.2.0, < 2.0)
      rspec-support (~> 3.9.0)
    rspec-mocks (3.9.1)
      diff-lcs (>= 1.2.0, < 2.0)
      rspec-support (~> 3.9.0)
    rspec-support (3.9.2)
    rubyzip (2.3.0)
    sauce_whisk (0.2.2)
      json
      rest-client (~> 2.0)
    selenium-webdriver (3.142.7)
      childprocess (>= 0.5, < 4.0)
      rubyzip (>= 1.2.2)
    unf (0.1.4)
      unf_ext
    unf_ext (0.0.7.7-x64-mingw32)
    xpath (3.2.0)
      nokogiri (~> 1.8)

PLATFORMS
  x64-mingw32

DEPENDENCIES
  capybara
  ffi
  percy-capybara (~> 4.0.0)
  rails_helper
  rake
  rspec
  sauce_whisk
  selenium-webdriver

BUNDLED WITH
   1.17.2
